GEM
  remote: https://rubygems.org/
  specs:
    activesupport (6.1.7.1)
      concurrent-ruby (~> 1.0, >= 1.0.2)
      i18n (>= 1.6, < 2)
      minitest (>= 5.1)
      tzinfo (~> 2.0)
      zeitwerk (~> 2.3)
    clockwork (2.0.4)
      activesupport
      tzinfo
    concurrent-ruby (1.1.10)
    dotenv (2.0.1)
    dotenv-rails (2.0.1)
      dotenv (= 2.0.1)
    faraday (0.17.0)
      multipart-post (>= 1.2, < 3)
    i18n (1.12.0)
      concurrent-ruby (~> 1.0)
    json (2.2.0)
    minitest (5.17.0)
    multipart-post (2.1.1)
    slack-notify (0.5.0)
      faraday (~> 0.9)
      json (>= 1.8, <= 3.0)
    tzinfo (2.0.5)
      concurrent-ruby (~> 1.0)
    zeitwerk (2.6.6)

PLATFORMS
  ruby

DEPENDENCIES
  activesupport
  clockwork (~> 2.0)
  dotenv-rails
  slack-notify

BUNDLED WITH
   2.0.2
